GEM
  remote: https://rubygems.org/
  specs:
    minitest (5.9.0)
    rake (10.4.2)

PLATFORMS
  x64-mingw32

DEPENDENCIES
  minitest
  rake

BUNDLED WITH
   1.12.5
